GIT
  remote: git://github.com/digitalnatives/fron.git
  revision: ddfea9beba50fd4e2801825c2d8f0b14a1da0444
  branch: next-version
  specs:
    fron (0.2.0rc1)
      opal (~> 0.7.0)

GIT
  remote: git://github.com/gdotdesign/color.git
  revision: 8f752af6949949e48e2187efc648b8760f8d0f74
  branch: 1.6.1
  specs:
    color (1.6.1)

GIT
  remote: git://github.com/gdotdesign/quality-control.git
  revision: 1035bd82c6df8882d831060a2c7a4f89416b18ed
  ref: next
  specs:
    quality_control (0.1.2)
      colorize (~> 0.7.3)
      opal-rspec
      rake
      rubocop
      rubycritic
      scss-lint
      yard

PATH
  remote: .
  specs:
    fron-ui (0.1.0)

GEM
  remote: https://rubygems.org/
  specs:
    abstract_type (0.0.7)
    adamantium (0.2.0)
      ice_nine (~> 0.11.0)
      memoizable (~> 0.4.0)
    ast (2.0.0)
    astrolabe (1.3.0)
      parser (>= 2.2.0.pre.3, < 3.0)
    axiom-types (0.1.1)
      descendants_tracker (~> 0.0.4)
      ice_nine (~> 0.11.0)
      thread_safe (~> 0.3, >= 0.3.1)
    coercible (1.0.0)
      descendants_tracker (~> 0.0.1)
    colorize (0.7.7)
    concord (0.1.5)
      adamantium (~> 0.2.0)
      equalizer (~> 0.0.9)
    descendants_tracker (0.0.4)
      thread_safe (~> 0.3, >= 0.3.1)
    diff-lcs (1.2.5)
    equalizer (0.0.11)
    execjs (2.4.0)
    flay (2.4.0)
      ruby_parser (~> 3.0)
      sexp_processor (~> 4.0)
    flog (4.2.1)
      ruby_parser (~> 3.1, > 3.1.0)
      sexp_processor (~> 4.4)
    hike (1.2.3)
    ice_nine (0.11.1)
    memoizable (0.4.2)
      thread_safe (~> 0.3, >= 0.3.1)
    opal (0.7.1)
      hike (~> 1.2)
      sourcemap (~> 0.1.0)
      sprockets (>= 2.2.3, < 4.0.0)
      tilt (~> 1.4)
    opal-rspec (0.4.2)
      opal (~> 0.7.0)
    parser (2.2.2.5)
      ast (>= 1.1, < 3.0)
    powerpack (0.1.1)
    procto (0.0.2)
    rack (1.6.0)
    rainbow (2.0.0)
    rake (10.4.2)
    reek (1.6.5)
      parser (~> 2.2.0.pre.7)
      rainbow (>= 1.99, < 3.0)
      unparser (~> 0.2.2)
    rubocop (0.31.0)
      astrolabe (~> 1.3)
      parser (>= 2.2.2.1, < 3.0)
      powerpack (~> 0.1)
      rainbow (>= 1.99.1, < 3.0)
      ruby-progressbar (~> 1.4)
    ruby-progressbar (1.7.5)
    ruby_parser (3.6.6)
      sexp_processor (~> 4.1)
    rubycritic (1.4.0)
      flay (= 2.4.0)
      flog (= 4.2.1)
      parser (>= 2.2.0, < 3.0)
      reek (= 1.6.5)
      virtus (~> 1.0)
    sass (3.4.13)
    scss-lint (0.38.0)
      rainbow (~> 2.0)
      sass (~> 3.4.1)
    sexp_processor (4.5.1)
    sourcemap (0.1.1)
    sprockets (3.0.1)
      rack (~> 1.0)
    thread_safe (0.3.5)
    tilt (1.4.1)
    unparser (0.2.3)
      abstract_type (~> 0.0.7)
      adamantium (~> 0.2.0)
      concord (~> 0.1.5)
      diff-lcs (~> 1.2.5)
      equalizer (~> 0.0.9)
      parser (~> 2.2.2, >= 2.2.2.2)
      procto (~> 0.0.2)
    virtus (1.0.5)
      axiom-types (~> 0.1)
      coercible (~> 1.0)
      descendants_tracker (~> 0.0, >= 0.0.3)
      equalizer (~> 0.0, >= 0.0.9)
    yard (0.8.7.6)

PLATFORMS
  ruby

DEPENDENCIES
  color!
  execjs (~> 2.4.0)
  fron!
  fron-ui!
  quality_control!
  rake (~> 10.4.2)
